GEM
  remote: http://rubygems.org/
  specs:
    activerecord (2.3.8)
      activesupport (= 2.3.8)
    activesupport (2.3.8)
    builder (2.1.2)
    daemons (1.1.0)
    eventmachine (0.12.10)
    feedtools (0.2.29)
      activerecord (>= 1.10.1)
      builder (>= 1.2.4)
      uuidtools (>= 1.0.0)
    haml (3.0.18)
    rack (1.2.1)
    rack-flash (0.1.1)
      rack
    rack-test (0.5.4)
      rack (>= 1.0)
    rake (0.8.7)
    rspec (1.3.0)
    sinatra (1.0)
      rack (>= 1.0)
    sinatra-activerecord (0.1.2)
      sinatra (>= 0.9.4)
    sqlite3-ruby (1.3.1)
    thin (1.2.7)
      daemons (>= 1.0.9)
      eventmachine (>= 0.12.6)
      rack (>= 1.0.0)
    uuidtools (2.1.1)

PLATFORMS
  ruby

DEPENDENCIES
  activerecord (~> 2.3.8)
  feedtools
  haml
  rack-flash
  rack-test
  rake
  rspec
  sinatra-activerecord
  sqlite3-ruby
  thin
